PATH
  remote: .
  specs:
    parallel_tests_report (0.0.0)
      rake (~> 12.3.3)

GEM
  remote: https://rubygems.org/
  specs:
    rake (12.3.3)

PLATFORMS
  ruby

DEPENDENCIES
  parallel_tests_report!
  rake (~> 12.3.3)

BUNDLED WITH
   2.1.4
