PATH
  remote: .
  specs:
    parallel_tests_report (0.0.0)

GEM
  remote: https://rubygems.org/
  specs:
    rake (13.0.1)

PLATFORMS
  ruby

DEPENDENCIES
  parallel_tests_report!
  rake

BUNDLED WITH
   2.1.4
