PATH
  remote: .
  specs:
    parallel_tests_report (0.0.0)
      rake (~> 12.3.3)

GEM
  remote: https://rubygems.org/
  specs:
    mini_portile2 (2.4.0)
    nokogiri (1.10.10)
      mini_portile2 (~> 2.4.0)
    rake (12.3.3)

PLATFORMS
  ruby

DEPENDENCIES
  nokogiri
  parallel_tests_report!
  rake (~> 12.3.3)

BUNDLED WITH
   2.1.4
